GEM
  remote: https://rubygems.org/
  specs:
    ruby2d (0.9.0)

PLATFORMS
  x64-mingw32

DEPENDENCIES
  ruby2d (~> 0.9.0)

BUNDLED WITH
   2.0.1
